

GROUP Build
RESTRICTION: >= net45
NUGET
  remote: https://www.nuget.org/api/v2
    FAKE (4.64.11)
    Octokit (0.29)
GITHUB
  remote: fsharp/FAKE
    modules/Octokit/Octokit.fsx (c160d4907360cfd42904008dab2bd22c0a4a9952)
      Octokit (>= 0.20)